GIT
  remote: https://github.com/18F/identity-aamva-api-client-gem.git
  revision: c7141277eabf96b011771e6ce5a1169b874cc905
  tag: v4.1.0
  specs:
    aamva (4.1.0)
      faraday
      hashie
      proofer (>= 2.7.1)
      retries
      xmldsig

GIT
  remote: https://github.com/18F/identity-doc-auth.git
  revision: 3b2c5997a62d7bf5f6114a55d41180f4bd1ae18e
  tag: v0.4.1
  specs:
    identity-doc-auth (0.4.1)
      activesupport
      faraday

GIT
  remote: https://github.com/18F/identity-lexisnexis-api-client-gem.git
  revision: d6e73358ab899e8740e0008aff0e03e26bd4eb56
  tag: v3.1.0
  specs:
    lexisnexis (3.1.0)
      activesupport
      faraday

GIT
  remote: https://github.com/18F/identity-proofer-gem.git
  revision: 9c73058b6cafd5299266fb9d554ced04ec63b84a
  ref: v2.8.0
  specs:
    proofer (2.8.0)

GEM
  remote: https://rubygems.org/
  specs:
    activesupport (6.1.3)
      concurrent-ruby (~> 1.0, >= 1.0.2)
      i18n (>= 1.6, < 2)
      minitest (>= 5.1)
      tzinfo (~> 2.0)
      zeitwerk (~> 2.3)
    addressable (2.7.0)
      public_suffix (>= 2.0.2, < 5.0)
    byebug (11.1.3)
    capybara (3.35.3)
      addressable
      mini_mime (>= 0.1.3)
      nokogiri (~> 1.8)
      rack (>= 1.6.0)
      rack-test (>= 0.6.3)
      regexp_parser (>= 1.5, < 3.0)
      xpath (~> 3.2)
    capybara-selenium (0.0.6)
      capybara
      selenium-webdriver
    childprocess (3.0.0)
    coderay (1.1.3)
    concurrent-ruby (1.1.8)
    diff-lcs (1.4.4)
    faraday (1.3.0)
      faraday-net_http (~> 1.0)
      multipart-post (>= 1.2, < 3)
      ruby2_keywords
    faraday-net_http (1.0.1)
    hashie (4.1.0)
    i18n (1.8.9)
      concurrent-ruby (~> 1.0)
    method_source (1.0.0)
    mini_mime (1.0.2)
    mini_portile2 (2.5.0)
    minitest (5.14.4)
    multipart-post (2.1.1)
    mustermann (1.1.1)
      ruby2_keywords (~> 0.0.1)
    nio4r (2.5.7)
    nokogiri (1.11.2)
      mini_portile2 (~> 2.5.0)
      racc (~> 1.4)
    pry (0.13.1)
      coderay (~> 1.1)
      method_source (~> 1.0)
    pry-byebug (3.9.0)
      byebug (~> 11.0)
      pry (~> 0.13.0)
    public_suffix (4.0.6)
    puma (5.2.2)
      nio4r (~> 2.0)
    racc (1.5.2)
    rack (2.2.3)
    rack-protection (2.1.0)
      rack
    rack-test (1.1.0)
      rack (>= 1.0, < 3)
    regexp_parser (2.1.1)
    retries (0.0.5)
    rspec (3.10.0)
      rspec-core (~> 3.10.0)
      rspec-expectations (~> 3.10.0)
      rspec-mocks (~> 3.10.0)
    rspec-core (3.10.1)
      rspec-support (~> 3.10.0)
    rspec-expectations (3.10.1)
      diff-lcs (>= 1.2.0, < 2.0)
      rspec-support (~> 3.10.0)
    rspec-mocks (3.10.2)
      diff-lcs (>= 1.2.0, < 2.0)
      rspec-support (~> 3.10.0)
    rspec-support (3.10.2)
    ruby2_keywords (0.0.4)
    rubyzip (2.3.0)
    selenium-webdriver (3.142.7)
      childprocess (>= 0.5, < 4.0)
      rubyzip (>= 1.2.2)
    sinatra (2.1.0)
      mustermann (~> 1.0)
      rack (~> 2.2)
      rack-protection (= 2.1.0)
      tilt (~> 2.0)
    tilt (2.0.10)
    tzinfo (2.0.4)
      concurrent-ruby (~> 1.0)
    xmldsig (0.6.6)
      nokogiri (>= 1.6.8, < 2.0.0)
    xpath (3.2.0)
      nokogiri (~> 1.8)
    zeitwerk (2.4.2)

PLATFORMS
  ruby

DEPENDENCIES
  aamva!
  capybara
  capybara-selenium
  identity-doc-auth!
  lexisnexis!
  nokogiri (~> 1.11.2)
  proofer!
  pry-byebug
  puma
  rack-test
  rspec
  sinatra (~> 2.1.0)

BUNDLED WITH
   2.2.14
