GIT
  remote: https://github.com/18F/identity-aamva-api-client-gem.git
  revision: da308c1568d7f8f3d8aa41d0e2c0b42ad47dfccd
  tag: v4.2.0
  specs:
    aamva (4.2.0)
      faraday
      hashie
      proofer (>= 2.7.1)
      redacted_struct (>= 1.0.0)
      retries
      xmldsig

GIT
  remote: https://github.com/18F/identity-doc-auth.git
  revision: adfb1f33e72af1db4987da3dccfe26e5b1bacf1f
  tag: v0.13.0
  specs:
    identity-doc-auth (0.13.0)
      activesupport
      faraday
      redacted_struct (>= 1.0.0)

GIT
  remote: https://github.com/18F/identity-lexisnexis-api-client-gem.git
  revision: 79eb47856a297f5ecd5d9b3f1abcb1f01e6f563b
  tag: v3.2.1
  specs:
    lexisnexis (3.2.1)
      activesupport
      faraday
      proofer
      redacted_struct (>= 1.0.0)

GIT
  remote: https://github.com/18F/identity-proofer-gem.git
  revision: 9c73058b6cafd5299266fb9d554ced04ec63b84a
  tag: v2.8.0
  specs:
    proofer (2.8.0)

GEM
  remote: https://rubygems.org/
  specs:
    activesupport (7.0.4)
      concurrent-ruby (~> 1.0, >= 1.0.2)
      i18n (>= 1.6, < 2)
      minitest (>= 5.1)
      tzinfo (~> 2.0)
    addressable (2.8.1)
      public_suffix (>= 2.0.2, < 6.0)
    byebug (11.1.3)
    capybara (3.37.1)
      addressable
      matrix
      mini_mime (>= 0.1.3)
      nokogiri (~> 1.8)
      rack (>= 1.6.0)
      rack-test (>= 0.6.3)
      regexp_parser (>= 1.5, < 3.0)
      xpath (~> 3.2)
    capybara-selenium (0.0.6)
      capybara
      selenium-webdriver
    childprocess (4.1.0)
    coderay (1.1.3)
    concurrent-ruby (1.1.10)
    diff-lcs (1.5.0)
    faraday (2.6.0)
      faraday-net_http (>= 2.0, < 3.1)
      ruby2_keywords (>= 0.0.4)
    faraday-net_http (3.0.1)
    hashie (5.0.0)
    i18n (1.12.0)
      concurrent-ruby (~> 1.0)
    matrix (0.4.2)
    method_source (1.0.0)
    mini_mime (1.1.2)
    mini_portile2 (2.8.0)
    minitest (5.16.3)
    mustermann (2.0.2)
      ruby2_keywords (~> 0.0.1)
    nio4r (2.5.8)
    nokogiri (1.13.9)
      mini_portile2 (~> 2.8.0)
      racc (~> 1.4)
    pry (0.14.1)
      coderay (~> 1.1)
      method_source (~> 1.0)
    pry-byebug (3.10.1)
      byebug (~> 11.0)
      pry (>= 0.13, < 0.15)
    public_suffix (5.0.0)
    puma (5.6.5)
      nio4r (~> 2.0)
    racc (1.6.0)
    rack (2.2.4)
    rack-protection (2.2.2)
      rack
    rack-test (2.0.2)
      rack (>= 1.3)
    rake (13.0.6)
    redacted_struct (1.1.0)
    regexp_parser (2.6.0)
    retries (0.0.5)
    rexml (3.2.5)
    rspec (3.11.0)
      rspec-core (~> 3.11.0)
      rspec-expectations (~> 3.11.0)
      rspec-mocks (~> 3.11.0)
    rspec-core (3.11.0)
      rspec-support (~> 3.11.0)
    rspec-expectations (3.11.1)
      diff-lcs (>= 1.2.0, < 2.0)
      rspec-support (~> 3.11.0)
    rspec-mocks (3.11.1)
      diff-lcs (>= 1.2.0, < 2.0)
      rspec-support (~> 3.11.0)
    rspec-support (3.11.1)
    ruby2_keywords (0.0.5)
    rubyzip (2.3.2)
    selenium-webdriver (4.5.0)
      childprocess (>= 0.5, < 5.0)
      rexml (~> 3.2, >= 3.2.5)
      rubyzip (>= 1.2.2, < 3.0)
      websocket (~> 1.0)
    sinatra (2.2.2)
      mustermann (~> 2.0)
      rack (~> 2.2)
      rack-protection (= 2.2.2)
      tilt (~> 2.0)
    tilt (2.0.11)
    tzinfo (2.0.5)
      concurrent-ruby (~> 1.0)
    websocket (1.2.9)
    xmldsig (0.7.0)
      nokogiri (>= 1.6.8, < 2.0.0)
    xpath (3.2.0)
      nokogiri (~> 1.8)

PLATFORMS
  ruby

DEPENDENCIES
  aamva!
  capybara
  capybara-selenium
  identity-doc-auth!
  lexisnexis!
  nokogiri (~> 1.13.9)
  proofer!
  pry-byebug
  puma (~> 5.6.5)
  rack-test (>= 2.0.0)
  rake (~> 13.0.0)
  rspec
  sinatra (~> 2.2.2)

BUNDLED WITH
   2.1.4
