GIT
  remote: https://github.com/18F/identity-aamva-api-client-gem.git
  revision: da308c1568d7f8f3d8aa41d0e2c0b42ad47dfccd
  tag: v4.2.0
  specs:
    aamva (4.2.0)
      faraday
      hashie
      proofer (>= 2.7.1)
      redacted_struct (>= 1.0.0)
      retries
      xmldsig

GIT
  remote: https://github.com/18F/identity-doc-auth.git
  revision: adfb1f33e72af1db4987da3dccfe26e5b1bacf1f
  tag: v0.13.0
  specs:
    identity-doc-auth (0.13.0)
      activesupport
      faraday
      redacted_struct (>= 1.0.0)

GIT
  remote: https://github.com/18F/identity-lexisnexis-api-client-gem.git
  revision: 79eb47856a297f5ecd5d9b3f1abcb1f01e6f563b
  tag: v3.2.1
  specs:
    lexisnexis (3.2.1)
      activesupport
      faraday
      proofer
      redacted_struct (>= 1.0.0)

GIT
  remote: https://github.com/18F/identity-proofer-gem.git
  revision: 9c73058b6cafd5299266fb9d554ced04ec63b84a
  ref: v2.8.0
  specs:
    proofer (2.8.0)

GEM
  remote: https://rubygems.org/
  specs:
    activesupport (7.1.3)
      base64
      bigdecimal
      concurrent-ruby (~> 1.0, >= 1.0.2)
      connection_pool (>= 2.2.5)
      drb
      i18n (>= 1.6, < 2)
      minitest (>= 5.1)
      mutex_m
      tzinfo (~> 2.0)
    addressable (2.8.6)
      public_suffix (>= 2.0.2, < 6.0)
    base64 (0.2.0)
    bigdecimal (3.1.6)
    byebug (11.1.3)
    capybara (3.40.0)
      addressable
      matrix
      mini_mime (>= 0.1.3)
      nokogiri (~> 1.11)
      rack (>= 1.6.0)
      rack-test (>= 0.6.3)
      regexp_parser (>= 1.5, < 3.0)
      xpath (~> 3.2)
    capybara-selenium (0.0.6)
      capybara
      selenium-webdriver
    coderay (1.1.3)
    concurrent-ruby (1.2.3)
    connection_pool (2.4.1)
    diff-lcs (1.5.1)
    drb (2.2.0)
      ruby2_keywords
    faraday (2.9.0)
      faraday-net_http (>= 2.0, < 3.2)
    faraday-net_http (3.1.0)
      net-http
    hashie (5.0.0)
    i18n (1.14.1)
      concurrent-ruby (~> 1.0)
    matrix (0.4.2)
    method_source (1.0.0)
    mini_mime (1.1.5)
    mini_portile2 (2.8.5)
    minitest (5.22.0)
    mustermann (3.0.0)
      ruby2_keywords (~> 0.0.1)
    mutex_m (0.2.0)
    net-http (0.4.1)
      uri
    newrelic_rpm (9.7.1)
    nio4r (2.7.0)
    nokogiri (1.16.2)
      mini_portile2 (~> 2.8.2)
      racc (~> 1.4)
    prometheus-client (4.2.2)
    pry (0.14.2)
      coderay (~> 1.1)
      method_source (~> 1.0)
    pry-byebug (3.10.1)
      byebug (~> 11.0)
      pry (>= 0.13, < 0.15)
    public_suffix (5.0.4)
    puma (6.4.2)
      nio4r (~> 2.0)
    racc (1.7.3)
    rack (3.0.9)
    rack-protection (4.0.0)
      base64 (>= 0.1.0)
      rack (>= 3.0.0, < 4)
    rack-session (2.0.0)
      rack (>= 3.0.0)
    rack-test (2.1.0)
      rack (>= 1.3)
    rackup (2.1.0)
      rack (>= 3)
      webrick (~> 1.8)
    rake (13.0.6)
    redacted_struct (2.0.0)
    regexp_parser (2.9.0)
    retries (0.0.5)
    rexml (3.2.6)
    rspec (3.13.0)
      rspec-core (~> 3.13.0)
      rspec-expectations (~> 3.13.0)
      rspec-mocks (~> 3.13.0)
    rspec-core (3.13.0)
      rspec-support (~> 3.13.0)
    rspec-expectations (3.13.0)
      diff-lcs (>= 1.2.0, < 2.0)
      rspec-support (~> 3.13.0)
    rspec-mocks (3.13.0)
      diff-lcs (>= 1.2.0, < 2.0)
      rspec-support (~> 3.13.0)
    rspec-support (3.13.0)
    ruby2_keywords (0.0.5)
    rubyzip (2.3.2)
    selenium-webdriver (4.17.0)
      base64 (~> 0.2)
      rexml (~> 3.2, >= 3.2.5)
      rubyzip (>= 1.2.2, < 3.0)
      websocket (~> 1.0)
    sinatra (4.0.0)
      mustermann (~> 3.0)
      rack (>= 3.0.0, < 4)
      rack-protection (= 4.0.0)
      rack-session (>= 2.0.0, < 3)
      tilt (~> 2.0)
    tilt (2.3.0)
    tzinfo (2.0.6)
      concurrent-ruby (~> 1.0)
    uri (0.13.0)
    webrick (1.8.1)
    websocket (1.2.10)
    xmldsig (0.7.0)
      nokogiri (>= 1.6.8, < 2.0.0)
    xpath (3.2.0)
      nokogiri (~> 1.8)

PLATFORMS
  ruby

DEPENDENCIES
  aamva!
  capybara
  capybara-selenium
  identity-doc-auth!
  lexisnexis!
  newrelic_rpm
  nokogiri (~> 1.16)
  prometheus-client
  proofer!
  pry-byebug
  puma
  rack (~> 3.0.0)
  rack-test (>= 2.0.0)
  rackup
  rake (~> 13.0.0)
  rspec
  sinatra (~> 4.0.0)

BUNDLED WITH
   2.5.6
